GEM
  remote: https://rubygems.org/
  specs:
    activesupport (7.1.3.4)
      base64
      bigdecimal
      concurrent-ruby (~> 1.0, >= 1.0.2)
      connection_pool (>= 2.2.5)
      drb
      i18n (>= 1.6, < 2)
      minitest (>= 5.1)
      mutex_m
      tzinfo (~> 2.0)
    addressable (2.8.7)
      public_suffix (>= 2.0.2, < 7.0)
    ast (2.4.2)
    aws-eventstream (1.3.0)
    aws-partitions (1.958.0)
    aws-sdk (3.2.0)
      aws-sdk-resources (~> 3)
    aws-sdk-accessanalyzer (1.54.0)
      aws-sdk-core (~> 3, >= 3.201.0)
      aws-sigv4 (~> 1.1)
    aws-sdk-account (1.28.0)
      aws-sdk-core (~> 3, >= 3.201.0)
      aws-sigv4 (~> 1.1)
    aws-sdk-acm (1.74.0)
      aws-sdk-core (~> 3, >= 3.201.0)
      aws-sigv4 (~> 1.5)
    aws-sdk-acmpca (1.76.0)
      aws-sdk-core (~> 3, >= 3.201.0)
      aws-sigv4 (~> 1.5)
    aws-sdk-amplify (1.65.0)
      aws-sdk-core (~> 3, >= 3.201.0)
      aws-sigv4 (~> 1.5)
    aws-sdk-amplifybackend (1.36.0)
      aws-sdk-core (~> 3, >= 3.201.0)
      aws-sigv4 (~> 1.1)
    aws-sdk-amplifyuibuilder (1.30.0)
      aws-sdk-core (~> 3, >= 3.201.0)
      aws-sigv4 (~> 1.1)
    aws-sdk-apigateway (1.101.0)
      aws-sdk-core (~> 3, >= 3.201.0)
      aws-sigv4 (~> 1.5)
    aws-sdk-apigatewaymanagementapi (1.48.0)
      aws-sdk-core (~> 3, >= 3.201.0)
      aws-sigv4 (~> 1.1)
    aws-sdk-apigatewayv2 (1.60.0)
      aws-sdk-core (~> 3, >= 3.201.0)
      aws-sigv4 (~> 1.1)
    aws-sdk-appconfig (1.51.0)
      aws-sdk-core (~> 3, >= 3.201.0)
      aws-sigv4 (~> 1.5)
    aws-sdk-appconfigdata (1.25.0)
      aws-sdk-core (~> 3, >= 3.201.0)
      aws-sigv4 (~> 1.1)
    aws-sdk-appfabric (1.14.0)
      aws-sdk-core (~> 3, >= 3.201.0)
      aws-sigv4 (~> 1.1)
    aws-sdk-appflow (1.62.0)
      aws-sdk-core (~> 3, >= 3.201.0)
      aws-sigv4 (~> 1.5)
    aws-sdk-appintegrationsservice (1.36.0)
      aws-sdk-core (~> 3, >= 3.201.0)
      aws-sigv4 (~> 1.5)
    aws-sdk-applicationautoscaling (1.90.0)
      aws-sdk-core (~> 3, >= 3.201.0)
      aws-sigv4 (~> 1.5)
    aws-sdk-applicationcostprofiler (1.28.0)
      aws-sdk-core (~> 3, >= 3.201.0)
      aws-sigv4 (~> 1.5)
    aws-sdk-applicationdiscoveryservice (1.71.0)
      aws-sdk-core (~> 3, >= 3.201.0)
      aws-sigv4 (~> 1.5)
    aws-sdk-applicationinsights (1.51.0)
      aws-sdk-core (~> 3, >= 3.201.0)
      aws-sigv4 (~> 1.5)
    aws-sdk-applicationsignals (1.4.0)
      aws-sdk-core (~> 3, >= 3.201.0)
      aws-sigv4 (~> 1.5)
    aws-sdk-appmesh (1.66.0)
      aws-sdk-core (~> 3, >= 3.201.0)
      aws-sigv4 (~> 1.1)
    aws-sdk-appregistry (1.39.0)
      aws-sdk-core (~> 3, >= 3.201.0)
      aws-sigv4 (~> 1.5)
    aws-sdk-apprunner (1.44.0)
      aws-sdk-core (~> 3, >= 3.201.0)
      aws-sigv4 (~> 1.5)
    aws-sdk-appstream (1.92.0)
      aws-sdk-core (~> 3, >= 3.201.0)
      aws-sigv4 (~> 1.5)
    aws-sdk-appsync (1.82.0)
      aws-sdk-core (~> 3, >= 3.201.0)
      aws-sigv4 (~> 1.5)
    aws-sdk-apptest (1.3.0)
      aws-sdk-core (~> 3, >= 3.201.0)
      aws-sigv4 (~> 1.5)
    aws-sdk-arczonalshift (1.19.0)
      aws-sdk-core (~> 3, >= 3.201.0)
      aws-sigv4 (~> 1.5)
    aws-sdk-artifact (1.7.0)
      aws-sdk-core (~> 3, >= 3.201.0)
      aws-sigv4 (~> 1.5)
    aws-sdk-athena (1.89.0)
      aws-sdk-core (~> 3, >= 3.201.0)
      aws-sigv4 (~> 1.5)
    aws-sdk-auditmanager (1.51.0)
      aws-sdk-core (~> 3, >= 3.201.0)
      aws-sigv4 (~> 1.5)
    aws-sdk-augmentedairuntime (1.42.0)
      aws-sdk-core (~> 3, >= 3.201.0)
      aws-sigv4 (~> 1.5)
    aws-sdk-autoscaling (1.113.0)
      aws-sdk-core (~> 3, >= 3.201.0)
      aws-sigv4 (~> 1.5)
    aws-sdk-autoscalingplans (1.59.0)
      aws-sdk-core (~> 3, >= 3.201.0)
      aws-sigv4 (~> 1.5)
    aws-sdk-b2bi (1.14.0)
      aws-sdk-core (~> 3, >= 3.201.0)
      aws-sigv4 (~> 1.5)
    aws-sdk-backup (1.73.0)
      aws-sdk-core (~> 3, >= 3.201.0)
      aws-sigv4 (~> 1.5)
    aws-sdk-backupgateway (1.24.0)
      aws-sdk-core (~> 3, >= 3.201.0)
      aws-sigv4 (~> 1.1)
    aws-sdk-batch (1.94.0)
      aws-sdk-core (~> 3, >= 3.201.0)
      aws-sigv4 (~> 1.5)
    aws-sdk-bcmdataexports (1.8.0)
      aws-sdk-core (~> 3, >= 3.201.0)
      aws-sigv4 (~> 1.1)
    aws-sdk-bedrock (1.13.0)
      aws-sdk-core (~> 3, >= 3.201.0)
      aws-sigv4 (~> 1.1)
    aws-sdk-bedrockagent (1.19.0)
      aws-sdk-core (~> 3, >= 3.201.0)
      aws-sigv4 (~> 1.1)
    aws-sdk-bedrockagentruntime (1.17.0)
      aws-sdk-core (~> 3, >= 3.201.0)
      aws-sigv4 (~> 1.1)
    aws-sdk-bedrockruntime (1.17.0)
      aws-sdk-core (~> 3, >= 3.201.0)
      aws-sigv4 (~> 1.5)
    aws-sdk-billingconductor (1.27.0)
      aws-sdk-core (~> 3, >= 3.201.0)
      aws-sigv4 (~> 1.1)
    aws-sdk-braket (1.40.0)
      aws-sdk-core (~> 3, >= 3.201.0)
      aws-sigv4 (~> 1.1)
    aws-sdk-budgets (1.71.0)
      aws-sdk-core (~> 3, >= 3.201.0)
      aws-sigv4 (~> 1.5)
    aws-sdk-chatbot (1.9.0)
      aws-sdk-core (~> 3, >= 3.201.0)
      aws-sigv4 (~> 1.5)
    aws-sdk-chime (1.89.0)
      aws-sdk-core (~> 3, >= 3.201.0)
      aws-sigv4 (~> 1.5)
    aws-sdk-chimesdkidentity (1.30.0)
      aws-sdk-core (~> 3, >= 3.201.0)
      aws-sigv4 (~> 1.5)
    aws-sdk-chimesdkmediapipelines (1.26.0)
      aws-sdk-core (~> 3, >= 3.201.0)
      aws-sigv4 (~> 1.5)
    aws-sdk-chimesdkmeetings (1.36.0)
      aws-sdk-core (~> 3, >= 3.201.0)
      aws-sigv4 (~> 1.5)
    aws-sdk-chimesdkmessaging (1.36.0)
      aws-sdk-core (~> 3, >= 3.201.0)
      aws-sigv4 (~> 1.5)
    aws-sdk-chimesdkvoice (1.26.0)
      aws-sdk-core (~> 3, >= 3.201.0)
      aws-sigv4 (~> 1.5)
    aws-sdk-cleanrooms (1.27.0)
      aws-sdk-core (~> 3, >= 3.201.0)
      aws-sigv4 (~> 1.5)
    aws-sdk-cleanroomsml (1.10.0)
      aws-sdk-core (~> 3, >= 3.201.0)
      aws-sigv4 (~> 1.5)
    aws-sdk-cloud9 (1.74.0)
      aws-sdk-core (~> 3, >= 3.201.0)
      aws-sigv4 (~> 1.5)
    aws-sdk-cloudcontrolapi (1.26.0)
      aws-sdk-core (~> 3, >= 3.201.0)
      aws-sigv4 (~> 1.1)
    aws-sdk-clouddirectory (1.61.0)
      aws-sdk-core (~> 3, >= 3.201.0)
      aws-sigv4 (~> 1.5)
    aws-sdk-cloudformation (1.114.0)
      aws-sdk-core (~> 3, >= 3.201.0)
      aws-sigv4 (~> 1.5)
    aws-sdk-cloudfront (1.96.0)
      aws-sdk-core (~> 3, >= 3.201.0)
      aws-sigv4 (~> 1.5)
    aws-sdk-cloudfrontkeyvaluestore (1.10.0)
      aws-sdk-core (~> 3, >= 3.201.0)
      aws-sigv4 (~> 1.1)
    aws-sdk-cloudhsm (1.58.0)
      aws-sdk-core (~> 3, >= 3.201.0)
      aws-sigv4 (~> 1.5)
    aws-sdk-cloudhsmv2 (1.62.0)
      aws-sdk-core (~> 3, >= 3.201.0)
      aws-sigv4 (~> 1.5)
    aws-sdk-cloudsearch (1.60.0)
      aws-sdk-core (~> 3, >= 3.201.0)
      aws-sigv4 (~> 1.5)
    aws-sdk-cloudsearchdomain (1.47.0)
      aws-sdk-core (~> 3, >= 3.201.0)
      aws-sigv4 (~> 1.5)
    aws-sdk-cloudtrail (1.85.0)
      aws-sdk-core (~> 3, >= 3.201.0)
      aws-sigv4 (~> 1.5)
    aws-sdk-cloudtraildata (1.16.0)
      aws-sdk-core (~> 3, >= 3.201.0)
      aws-sigv4 (~> 1.1)
    aws-sdk-cloudwatch (1.96.0)
      aws-sdk-core (~> 3, >= 3.201.0)
      aws-sigv4 (~> 1.5)
    aws-sdk-cloudwatchevents (1.77.0)
      aws-sdk-core (~> 3, >= 3.201.0)
      aws-sigv4 (~> 1.5)
    aws-sdk-cloudwatchevidently (1.28.0)
      aws-sdk-core (~> 3, >= 3.201.0)
      aws-sigv4 (~> 1.1)
    aws-sdk-cloudwatchlogs (1.87.0)
      aws-sdk-core (~> 3, >= 3.201.0)
      aws-sigv4 (~> 1.5)
    aws-sdk-cloudwatchrum (1.26.0)
      aws-sdk-core (~> 3, >= 3.201.0)
      aws-sigv4 (~> 1.1)
    aws-sdk-codeartifact (1.47.0)
      aws-sdk-core (~> 3, >= 3.201.0)
      aws-sigv4 (~> 1.5)
    aws-sdk-codebuild (1.122.0)
      aws-sdk-core (~> 3, >= 3.201.0)
      aws-sigv4 (~> 1.5)
    aws-sdk-codecatalyst (1.23.0)
      aws-sdk-core (~> 3, >= 3.201.0)
    aws-sdk-codecommit (1.72.0)
      aws-sdk-core (~> 3, >= 3.201.0)
      aws-sigv4 (~> 1.5)
    aws-sdk-codeconnections (1.7.0)
      aws-sdk-core (~> 3, >= 3.201.0)
      aws-sigv4 (~> 1.5)
    aws-sdk-codedeploy (1.72.0)
      aws-sdk-core (~> 3, >= 3.201.0)
      aws-sigv4 (~> 1.5)
    aws-sdk-codeguruprofiler (1.42.0)
      aws-sdk-core (~> 3, >= 3.201.0)
      aws-sigv4 (~> 1.1)
    aws-sdk-codegurureviewer (1.52.0)
      aws-sdk-core (~> 3, >= 3.201.0)
      aws-sigv4 (~> 1.5)
    aws-sdk-codegurusecurity (1.17.0)
      aws-sdk-core (~> 3, >= 3.201.0)
      aws-sigv4 (~> 1.1)
    aws-sdk-codepipeline (1.77.0)
      aws-sdk-core (~> 3, >= 3.201.0)
      aws-sigv4 (~> 1.5)
    aws-sdk-codestar (1.58.0)
      aws-sdk-core (~> 3, >= 3.201.0)
      aws-sigv4 (~> 1.5)
    aws-sdk-codestarconnections (1.48.0)
      aws-sdk-core (~> 3, >= 3.201.0)
      aws-sigv4 (~> 1.5)
    aws-sdk-codestarnotifications (1.39.0)
      aws-sdk-core (~> 3, >= 3.201.0)
      aws-sigv4 (~> 1.5)
    aws-sdk-cognitoidentity (1.60.0)
      aws-sdk-core (~> 3, >= 3.201.0)
      aws-sigv4 (~> 1.5)
    aws-sdk-cognitoidentityprovider (1.97.0)
      aws-sdk-core (~> 3, >= 3.201.0)
      aws-sigv4 (~> 1.5)
    aws-sdk-cognitosync (1.55.0)
      aws-sdk-core (~> 3, >= 3.201.0)
      aws-sigv4 (~> 1.5)
    aws-sdk-comprehend (1.87.0)
      aws-sdk-core (~> 3, >= 3.201.0)
      aws-sigv4 (~> 1.5)
    aws-sdk-comprehendmedical (1.57.0)
      aws-sdk-core (~> 3, >= 3.201.0)
      aws-sigv4 (~> 1.5)
    aws-sdk-computeoptimizer (1.61.0)
      aws-sdk-core (~> 3, >= 3.201.0)
      aws-sigv4 (~> 1.5)
    aws-sdk-configservice (1.113.0)
      aws-sdk-core (~> 3, >= 3.201.0)
      aws-sigv4 (~> 1.5)
    aws-sdk-connect (1.169.0)
      aws-sdk-core (~> 3, >= 3.201.0)
      aws-sigv4 (~> 1.5)
    aws-sdk-connectcampaignservice (1.21.0)
      aws-sdk-core (~> 3, >= 3.201.0)
      aws-sigv4 (~> 1.1)
    aws-sdk-connectcases (1.28.0)
      aws-sdk-core (~> 3, >= 3.201.0)
      aws-sigv4 (~> 1.1)
    aws-sdk-connectcontactlens (1.31.0)
      aws-sdk-core (~> 3, >= 3.201.0)
      aws-sigv4 (~> 1.5)
    aws-sdk-connectparticipant (1.49.0)
      aws-sdk-core (~> 3, >= 3.201.0)
      aws-sigv4 (~> 1.5)
    aws-sdk-connectwisdomservice (1.34.0)
      aws-sdk-core (~> 3, >= 3.201.0)
      aws-sigv4 (~> 1.1)
    aws-sdk-controlcatalog (1.6.0)
      aws-sdk-core (~> 3, >= 3.201.0)
      aws-sigv4 (~> 1.1)
    aws-sdk-controltower (1.26.0)
      aws-sdk-core (~> 3, >= 3.201.0)
      aws-sigv4 (~> 1.5)
    aws-sdk-core (3.201.3)
      aws-eventstream (~> 1, >= 1.3.0)
      aws-partitions (~> 1, >= 1.651.0)
      aws-sigv4 (~> 1.8)
      jmespath (~> 1, >= 1.6.1)
    aws-sdk-costandusagereportservice (1.61.0)
      aws-sdk-core (~> 3, >= 3.201.0)
      aws-sigv4 (~> 1.5)
    aws-sdk-costexplorer (1.105.0)
      aws-sdk-core (~> 3, >= 3.201.0)
      aws-sigv4 (~> 1.5)
    aws-sdk-costoptimizationhub (1.10.0)
      aws-sdk-core (~> 3, >= 3.201.0)
      aws-sigv4 (~> 1.5)
    aws-sdk-customerprofiles (1.47.0)
      aws-sdk-core (~> 3, >= 3.201.0)
      aws-sigv4 (~> 1.5)
    aws-sdk-databasemigrationservice (1.100.0)
      aws-sdk-core (~> 3, >= 3.201.0)
      aws-sigv4 (~> 1.5)
    aws-sdk-dataexchange (1.52.0)
      aws-sdk-core (~> 3, >= 3.201.0)
      aws-sigv4 (~> 1.1)
    aws-sdk-datapipeline (1.55.0)
      aws-sdk-core (~> 3, >= 3.201.0)
      aws-sigv4 (~> 1.5)
    aws-sdk-datasync (1.83.0)
      aws-sdk-core (~> 3, >= 3.201.0)
      aws-sigv4 (~> 1.5)
    aws-sdk-datazone (1.17.0)
      aws-sdk-core (~> 3, >= 3.201.0)
      aws-sigv4 (~> 1.1)
    aws-sdk-dax (1.58.0)
      aws-sdk-core (~> 3, >= 3.201.0)
      aws-sigv4 (~> 1.5)
    aws-sdk-deadline (1.7.0)
      aws-sdk-core (~> 3, >= 3.201.0)
      aws-sigv4 (~> 1.1)
    aws-sdk-detective (1.53.0)
      aws-sdk-core (~> 3, >= 3.201.0)
      aws-sigv4 (~> 1.5)
    aws-sdk-devicefarm (1.72.0)
      aws-sdk-core (~> 3, >= 3.201.0)
      aws-sigv4 (~> 1.5)
    aws-sdk-devopsguru (1.47.0)
      aws-sdk-core (~> 3, >= 3.201.0)
      aws-sigv4 (~> 1.5)
    aws-sdk-directconnect (1.77.0)
      aws-sdk-core (~> 3, >= 3.201.0)
      aws-sigv4 (~> 1.5)
    aws-sdk-directoryservice (1.70.0)
      aws-sdk-core (~> 3, >= 3.201.0)
      aws-sigv4 (~> 1.5)
    aws-sdk-dlm (1.75.0)
      aws-sdk-core (~> 3, >= 3.201.0)
      aws-sigv4 (~> 1.5)
    aws-sdk-docdb (1.70.0)
      aws-sdk-core (~> 3, >= 3.201.0)
      aws-sigv4 (~> 1.5)
    aws-sdk-docdbelastic (1.18.0)
      aws-sdk-core (~> 3, >= 3.201.0)
      aws-sigv4 (~> 1.1)
    aws-sdk-drs (1.36.0)
      aws-sdk-core (~> 3, >= 3.201.0)
      aws-sigv4 (~> 1.1)
    aws-sdk-dynamodb (1.118.0)
      aws-sdk-core (~> 3, >= 3.201.0)
      aws-sigv4 (~> 1.5)
    aws-sdk-dynamodbstreams (1.62.0)
      aws-sdk-core (~> 3, >= 3.201.0)
      aws-sigv4 (~> 1.5)
    aws-sdk-ebs (1.46.0)
      aws-sdk-core (~> 3, >= 3.201.0)
      aws-sigv4 (~> 1.5)
    aws-sdk-ec2 (1.467.0)
      aws-sdk-core (~> 3, >= 3.201.0)
      aws-sigv4 (~> 1.5)
    aws-sdk-ec2instanceconnect (1.45.0)
      aws-sdk-core (~> 3, >= 3.201.0)
      aws-sigv4 (~> 1.5)
    aws-sdk-ecr (1.79.0)
      aws-sdk-core (~> 3, >= 3.201.0)
      aws-sigv4 (~> 1.5)
    aws-sdk-ecrpublic (1.33.0)
      aws-sdk-core (~> 3, >= 3.201.0)
      aws-sigv4 (~> 1.5)
    aws-sdk-ecs (1.151.0)
      aws-sdk-core (~> 3, >= 3.201.0)
      aws-sigv4 (~> 1.5)
    aws-sdk-efs (1.79.0)
      aws-sdk-core (~> 3, >= 3.201.0)
      aws-sigv4 (~> 1.5)
    aws-sdk-eks (1.111.0)
      aws-sdk-core (~> 3, >= 3.201.0)
      aws-sigv4 (~> 1.5)
    aws-sdk-eksauth (1.8.0)
      aws-sdk-core (~> 3, >= 3.201.0)
      aws-sigv4 (~> 1.1)
    aws-sdk-elasticache (1.107.0)
      aws-sdk-core (~> 3, >= 3.201.0)
      aws-sigv4 (~> 1.5)
    aws-sdk-elasticbeanstalk (1.73.0)
      aws-sdk-core (~> 3, >= 3.201.0)
      aws-sigv4 (~> 1.5)
    aws-sdk-elasticinference (1.41.0)
      aws-sdk-core (~> 3, >= 3.201.0)
      aws-sigv4 (~> 1.5)
    aws-sdk-elasticloadbalancing (1.60.0)
      aws-sdk-core (~> 3, >= 3.201.0)
      aws-sigv4 (~> 1.5)
    aws-sdk-elasticloadbalancingv2 (1.109.0)
      aws-sdk-core (~> 3, >= 3.201.0)
      aws-sigv4 (~> 1.5)
    aws-sdk-elasticsearchservice (1.89.0)
      aws-sdk-core (~> 3, >= 3.201.0)
      aws-sigv4 (~> 1.5)
    aws-sdk-elastictranscoder (1.57.0)
      aws-sdk-core (~> 3, >= 3.201.0)
      aws-sigv4 (~> 1.5)
    aws-sdk-emr (1.92.0)
      aws-sdk-core (~> 3, >= 3.201.0)
      aws-sigv4 (~> 1.5)
    aws-sdk-emrcontainers (1.41.0)
      aws-sdk-core (~> 3, >= 3.201.0)
      aws-sigv4 (~> 1.5)
    aws-sdk-emrserverless (1.30.0)
      aws-sdk-core (~> 3, >= 3.201.0)
      aws-sigv4 (~> 1.1)
    aws-sdk-entityresolution (1.15.0)
      aws-sdk-core (~> 3, >= 3.201.0)
      aws-sigv4 (~> 1.5)
    aws-sdk-eventbridge (1.64.0)
      aws-sdk-core (~> 3, >= 3.201.0)
      aws-sigv4 (~> 1.5)
    aws-sdk-finspace (1.38.0)
      aws-sdk-core (~> 3, >= 3.201.0)
      aws-sigv4 (~> 1.5)
    aws-sdk-finspacedata (1.38.0)
      aws-sdk-core (~> 3, >= 3.201.0)
      aws-sigv4 (~> 1.5)
    aws-sdk-firehose (1.76.0)
      aws-sdk-core (~> 3, >= 3.201.0)
      aws-sigv4 (~> 1.5)
    aws-sdk-fis (1.34.0)
      aws-sdk-core (~> 3, >= 3.201.0)
      aws-sigv4 (~> 1.5)
    aws-sdk-fms (1.76.0)
      aws-sdk-core (~> 3, >= 3.201.0)
      aws-sigv4 (~> 1.5)
    aws-sdk-forecastqueryservice (1.41.0)
      aws-sdk-core (~> 3, >= 3.201.0)
      aws-sigv4 (~> 1.5)
    aws-sdk-forecastservice (1.58.0)
      aws-sdk-core (~> 3, >= 3.201.0)
      aws-sigv4 (~> 1.5)
    aws-sdk-frauddetector (1.57.0)
      aws-sdk-core (~> 3, >= 3.201.0)
      aws-sigv4 (~> 1.5)
    aws-sdk-freetier (1.8.0)
      aws-sdk-core (~> 3, >= 3.201.0)
      aws-sigv4 (~> 1.1)
    aws-sdk-fsx (1.94.0)
      aws-sdk-core (~> 3, >= 3.201.0)
      aws-sigv4 (~> 1.5)
    aws-sdk-gamelift (1.85.0)
      aws-sdk-core (~> 3, >= 3.201.0)
      aws-sigv4 (~> 1.5)
    aws-sdk-glacier (1.66.0)
      aws-sdk-core (~> 3, >= 3.201.0)
      aws-sigv4 (~> 1.5)
    aws-sdk-globalaccelerator (1.64.0)
      aws-sdk-core (~> 3, >= 3.201.0)
      aws-sigv4 (~> 1.5)
    aws-sdk-glue (1.185.0)
      aws-sdk-core (~> 3, >= 3.201.0)
      aws-sigv4 (~> 1.5)
    aws-sdk-gluedatabrew (1.42.0)
      aws-sdk-core (~> 3, >= 3.201.0)
      aws-sigv4 (~> 1.5)
    aws-sdk-greengrass (1.69.0)
      aws-sdk-core (~> 3, >= 3.201.0)
      aws-sigv4 (~> 1.1)
    aws-sdk-greengrassv2 (1.43.0)
      aws-sdk-core (~> 3, >= 3.201.0)
      aws-sigv4 (~> 1.5)
    aws-sdk-groundstation (1.52.0)
      aws-sdk-core (~> 3, >= 3.201.0)
      aws-sigv4 (~> 1.5)
    aws-sdk-guardduty (1.96.0)
      aws-sdk-core (~> 3, >= 3.201.0)
      aws-sigv4 (~> 1.5)
    aws-sdk-health (1.67.0)
      aws-sdk-core (~> 3, >= 3.201.0)
      aws-sigv4 (~> 1.5)
    aws-sdk-healthlake (1.33.0)
      aws-sdk-core (~> 3, >= 3.201.0)
      aws-sigv4 (~> 1.5)
    aws-sdk-iam (1.103.0)
      aws-sdk-core (~> 3, >= 3.201.0)
      aws-sigv4 (~> 1.5)
    aws-sdk-identitystore (1.40.0)
      aws-sdk-core (~> 3, >= 3.201.0)
      aws-sigv4 (~> 1.1)
    aws-sdk-imagebuilder (1.65.0)
      aws-sdk-core (~> 3, >= 3.201.0)
      aws-sigv4 (~> 1.5)
    aws-sdk-importexport (1.49.0)
      aws-sdk-core (~> 3, >= 3.201.0)
      aws-sigv2 (~> 1.0)
    aws-sdk-inspector (1.62.0)
      aws-sdk-core (~> 3, >= 3.201.0)
      aws-sigv4 (~> 1.5)
    aws-sdk-inspector2 (1.34.0)
      aws-sdk-core (~> 3, >= 3.201.0)
      aws-sigv4 (~> 1.1)
    aws-sdk-inspectorscan (1.9.0)
      aws-sdk-core (~> 3, >= 3.201.0)
      aws-sigv4 (~> 1.1)
    aws-sdk-internetmonitor (1.23.0)
      aws-sdk-core (~> 3, >= 3.201.0)
      aws-sigv4 (~> 1.1)
    aws-sdk-iot (1.128.0)
      aws-sdk-core (~> 3, >= 3.201.0)
      aws-sigv4 (~> 1.5)
    aws-sdk-iot1clickdevicesservice (1.55.0)
      aws-sdk-core (~> 3, >= 3.201.0)
      aws-sigv4 (~> 1.1)
    aws-sdk-iot1clickprojects (1.56.0)
      aws-sdk-core (~> 3, >= 3.201.0)
      aws-sigv4 (~> 1.5)
    aws-sdk-iotanalytics (1.68.0)
      aws-sdk-core (~> 3, >= 3.201.0)
      aws-sigv4 (~> 1.5)
    aws-sdk-iotdataplane (1.61.0)
      aws-sdk-core (~> 3, >= 3.201.0)
      aws-sigv4 (~> 1.5)
    aws-sdk-iotdeviceadvisor (1.36.0)
      aws-sdk-core (~> 3, >= 3.201.0)
      aws-sigv4 (~> 1.5)
    aws-sdk-iotevents (1.53.0)
      aws-sdk-core (~> 3, >= 3.201.0)
      aws-sigv4 (~> 1.5)
    aws-sdk-ioteventsdata (1.46.0)
      aws-sdk-core (~> 3, >= 3.201.0)
      aws-sigv4 (~> 1.5)
    aws-sdk-iotfleethub (1.31.0)
      aws-sdk-core (~> 3, >= 3.201.0)
      aws-sigv4 (~> 1.5)
    aws-sdk-iotfleetwise (1.28.0)
      aws-sdk-core (~> 3, >= 3.201.0)
      aws-sigv4 (~> 1.1)
    aws-sdk-iotjobsdataplane (1.55.0)
      aws-sdk-core (~> 3, >= 3.201.0)
      aws-sigv4 (~> 1.5)
    aws-sdk-iotsecuretunneling (1.40.0)
      aws-sdk-core (~> 3, >= 3.201.0)
      aws-sigv4 (~> 1.5)
    aws-sdk-iotsitewise (1.68.0)
      aws-sdk-core (~> 3, >= 3.201.0)
      aws-sigv4 (~> 1.5)
    aws-sdk-iotthingsgraph (1.43.0)
      aws-sdk-core (~> 3, >= 3.201.0)
      aws-sigv4 (~> 1.5)
    aws-sdk-iottwinmaker (1.28.0)
      aws-sdk-core (~> 3, >= 3.201.0)
      aws-sigv4 (~> 1.1)
    aws-sdk-iotwireless (1.53.0)
      aws-sdk-core (~> 3, >= 3.201.0)
      aws-sigv4 (~> 1.5)
    aws-sdk-ivs (1.53.0)
      aws-sdk-core (~> 3, >= 3.201.0)
      aws-sigv4 (~> 1.5)
    aws-sdk-ivschat (1.28.0)
      aws-sdk-core (~> 3, >= 3.201.0)
      aws-sigv4 (~> 1.5)
    aws-sdk-ivsrealtime (1.24.0)
      aws-sdk-core (~> 3, >= 3.201.0)
      aws-sigv4 (~> 1.1)
    aws-sdk-kafka (1.77.0)
      aws-sdk-core (~> 3, >= 3.201.0)
      aws-sigv4 (~> 1.1)
    aws-sdk-kafkaconnect (1.26.0)
      aws-sdk-core (~> 3, >= 3.201.0)
      aws-sigv4 (~> 1.1)
    aws-sdk-kendra (1.85.0)
      aws-sdk-core (~> 3, >= 3.201.0)
      aws-sigv4 (~> 1.5)
    aws-sdk-kendraranking (1.18.0)
      aws-sdk-core (~> 3, >= 3.201.0)
      aws-sigv4 (~> 1.5)
    aws-sdk-keyspaces (1.24.0)
      aws-sdk-core (~> 3, >= 3.201.0)
      aws-sigv4 (~> 1.1)
    aws-sdk-kinesis (1.62.0)
      aws-sdk-core (~> 3, >= 3.201.0)
      aws-sigv4 (~> 1.5)
    aws-sdk-kinesisanalytics (1.59.0)
      aws-sdk-core (~> 3, >= 3.201.0)
      aws-sigv4 (~> 1.5)
    aws-sdk-kinesisanalyticsv2 (1.62.0)
      aws-sdk-core (~> 3, >= 3.201.0)
      aws-sigv4 (~> 1.5)
    aws-sdk-kinesisvideo (1.67.0)
      aws-sdk-core (~> 3, >= 3.201.0)
      aws-sigv4 (~> 1.5)
    aws-sdk-kinesisvideoarchivedmedia (1.64.0)
      aws-sdk-core (~> 3, >= 3.201.0)
      aws-sigv4 (~> 1.5)
    aws-sdk-kinesisvideomedia (1.56.0)
      aws-sdk-core (~> 3, >= 3.201.0)
      aws-sigv4 (~> 1.5)
    aws-sdk-kinesisvideosignalingchannels (1.38.0)
      aws-sdk-core (~> 3, >= 3.201.0)
      aws-sigv4 (~> 1.5)
    aws-sdk-kinesisvideowebrtcstorage (1.18.0)
      aws-sdk-core (~> 3, >= 3.201.0)
      aws-sigv4 (~> 1.1)
    aws-sdk-kms (1.88.0)
      aws-sdk-core (~> 3, >= 3.201.0)
      aws-sigv4 (~> 1.5)
    aws-sdk-lakeformation (1.56.0)
      aws-sdk-core (~> 3, >= 3.201.0)
      aws-sigv4 (~> 1.5)
    aws-sdk-lambda (1.125.0)
      aws-sdk-core (~> 3, >= 3.201.0)
      aws-sigv4 (~> 1.5)
    aws-sdk-lambdapreview (1.49.0)
      aws-sdk-core (~> 3, >= 3.201.0)
      aws-sigv4 (~> 1.1)
    aws-sdk-launchwizard (1.10.0)
      aws-sdk-core (~> 3, >= 3.201.0)
      aws-sigv4 (~> 1.1)
    aws-sdk-lex (1.65.0)
      aws-sdk-core (~> 3, >= 3.201.0)
      aws-sigv4 (~> 1.5)
    aws-sdk-lexmodelbuildingservice (1.76.0)
      aws-sdk-core (~> 3, >= 3.201.0)
      aws-sigv4 (~> 1.5)
    aws-sdk-lexmodelsv2 (1.56.0)
      aws-sdk-core (~> 3, >= 3.201.0)
      aws-sigv4 (~> 1.5)
    aws-sdk-lexruntimev2 (1.38.0)
      aws-sdk-core (~> 3, >= 3.201.0)
      aws-sigv4 (~> 1.5)
    aws-sdk-licensemanager (1.60.0)
      aws-sdk-core (~> 3, >= 3.201.0)
      aws-sigv4 (~> 1.1)
    aws-sdk-licensemanagerlinuxsubscriptions (1.18.0)
      aws-sdk-core (~> 3, >= 3.201.0)
      aws-sigv4 (~> 1.5)
    aws-sdk-licensemanagerusersubscriptions (1.19.0)
      aws-sdk-core (~> 3, >= 3.201.0)
      aws-sigv4 (~> 1.1)
    aws-sdk-lightsail (1.96.0)
      aws-sdk-core (~> 3, >= 3.201.0)
      aws-sigv4 (~> 1.5)
    aws-sdk-locationservice (1.55.0)
      aws-sdk-core (~> 3, >= 3.201.0)
      aws-sigv4 (~> 1.1)
    aws-sdk-lookoutequipment (1.36.0)
      aws-sdk-core (~> 3, >= 3.201.0)
      aws-sigv4 (~> 1.5)
    aws-sdk-lookoutforvision (1.36.0)
      aws-sdk-core (~> 3, >= 3.201.0)
      aws-sigv4 (~> 1.5)
    aws-sdk-lookoutmetrics (1.41.0)
      aws-sdk-core (~> 3, >= 3.201.0)
      aws-sigv4 (~> 1.5)
    aws-sdk-machinelearning (1.57.0)
      aws-sdk-core (~> 3, >= 3.201.0)
      aws-sigv4 (~> 1.5)
    aws-sdk-macie2 (1.73.0)
      aws-sdk-core (~> 3, >= 3.201.0)
      aws-sigv4 (~> 1.5)
    aws-sdk-mailmanager (1.5.0)
      aws-sdk-core (~> 3, >= 3.201.0)
      aws-sigv4 (~> 1.1)
    aws-sdk-mainframemodernization (1.22.0)
      aws-sdk-core (~> 3, >= 3.201.0)
      aws-sigv4 (~> 1.1)
    aws-sdk-managedblockchain (1.57.0)
      aws-sdk-core (~> 3, >= 3.201.0)
      aws-sigv4 (~> 1.5)
    aws-sdk-managedblockchainquery (1.16.0)
      aws-sdk-core (~> 3, >= 3.201.0)
      aws-sigv4 (~> 1.1)
    aws-sdk-managedgrafana (1.33.0)
      aws-sdk-core (~> 3, >= 3.201.0)
      aws-sigv4 (~> 1.1)
    aws-sdk-marketplaceagreement (1.7.0)
      aws-sdk-core (~> 3, >= 3.201.0)
      aws-sigv4 (~> 1.1)
    aws-sdk-marketplacecatalog (1.47.0)
      aws-sdk-core (~> 3, >= 3.201.0)
      aws-sigv4 (~> 1.5)
    aws-sdk-marketplacecommerceanalytics (1.61.0)
      aws-sdk-core (~> 3, >= 3.201.0)
      aws-sigv4 (~> 1.5)
    aws-sdk-marketplacedeployment (1.7.0)
      aws-sdk-core (~> 3, >= 3.201.0)
      aws-sigv4 (~> 1.1)
    aws-sdk-marketplaceentitlementservice (1.56.0)
      aws-sdk-core (~> 3, >= 3.201.0)
      aws-sigv4 (~> 1.5)
    aws-sdk-marketplacemetering (1.63.0)
      aws-sdk-core (~> 3, >= 3.201.0)
      aws-sigv4 (~> 1.5)
    aws-sdk-mediaconnect (1.65.0)
      aws-sdk-core (~> 3, >= 3.201.0)
      aws-sigv4 (~> 1.5)
    aws-sdk-mediaconvert (1.134.0)
      aws-sdk-core (~> 3, >= 3.201.0)
      aws-sigv4 (~> 1.5)
    aws-sdk-medialive (1.127.0)
      aws-sdk-core (~> 3, >= 3.201.0)
      aws-sigv4 (~> 1.5)
    aws-sdk-mediapackage (1.76.0)
      aws-sdk-core (~> 3, >= 3.201.0)
      aws-sigv4 (~> 1.1)
    aws-sdk-mediapackagev2 (1.22.0)
      aws-sdk-core (~> 3, >= 3.201.0)
      aws-sigv4 (~> 1.1)
    aws-sdk-mediapackagevod (1.58.0)
      aws-sdk-core (~> 3, >= 3.201.0)
      aws-sigv4 (~> 1.1)
    aws-sdk-mediastore (1.60.0)
      aws-sdk-core (~> 3, >= 3.201.0)
      aws-sigv4 (~> 1.5)
    aws-sdk-mediastoredata (1.57.0)
      aws-sdk-core (~> 3, >= 3.201.0)
      aws-sigv4 (~> 1.5)
    aws-sdk-mediatailor (1.84.0)
      aws-sdk-core (~> 3, >= 3.201.0)
      aws-sigv4 (~> 1.1)
    aws-sdk-medicalimaging (1.15.0)
      aws-sdk-core (~> 3, >= 3.201.0)
      aws-sigv4 (~> 1.5)
    aws-sdk-memorydb (1.29.0)
      aws-sdk-core (~> 3, >= 3.201.0)
      aws-sigv4 (~> 1.5)
    aws-sdk-mgn (1.36.0)
      aws-sdk-core (~> 3, >= 3.201.0)
      aws-sigv4 (~> 1.1)
    aws-sdk-migrationhub (1.59.0)
      aws-sdk-core (~> 3, >= 3.201.0)
      aws-sigv4 (~> 1.5)
    aws-sdk-migrationhubconfig (1.40.0)
      aws-sdk-core (~> 3, >= 3.201.0)
      aws-sigv4 (~> 1.5)
    aws-sdk-migrationhuborchestrator (1.19.0)
      aws-sdk-core (~> 3, >= 3.201.0)
      aws-sigv4 (~> 1.1)
    aws-sdk-migrationhubrefactorspaces (1.28.0)
      aws-sdk-core (~> 3, >= 3.201.0)
      aws-sigv4 (~> 1.1)
    aws-sdk-migrationhubstrategyrecommendations (1.26.0)
      aws-sdk-core (~> 3, >= 3.201.0)
      aws-sigv4 (~> 1.1)
    aws-sdk-mq (1.66.0)
      aws-sdk-core (~> 3, >= 3.201.0)
      aws-sigv4 (~> 1.5)
    aws-sdk-mturk (1.59.0)
      aws-sdk-core (~> 3, >= 3.201.0)
      aws-sigv4 (~> 1.5)
    aws-sdk-mwaa (1.42.0)
      aws-sdk-core (~> 3, >= 3.201.0)
      aws-sigv4 (~> 1.1)
    aws-sdk-neptune (1.70.0)
      aws-sdk-core (~> 3, >= 3.201.0)
      aws-sigv4 (~> 1.5)
    aws-sdk-neptunedata (1.14.0)
      aws-sdk-core (~> 3, >= 3.201.0)
      aws-sigv4 (~> 1.1)
    aws-sdk-neptunegraph (1.14.0)
      aws-sdk-core (~> 3, >= 3.201.0)
      aws-sigv4 (~> 1.5)
    aws-sdk-networkfirewall (1.48.0)
      aws-sdk-core (~> 3, >= 3.201.0)
      aws-sigv4 (~> 1.5)
    aws-sdk-networkmanager (1.48.0)
      aws-sdk-core (~> 3, >= 3.201.0)
      aws-sigv4 (~> 1.5)
    aws-sdk-networkmonitor (1.8.0)
      aws-sdk-core (~> 3, >= 3.201.0)
      aws-sigv4 (~> 1.1)
    aws-sdk-nimblestudio (1.34.0)
      aws-sdk-core (~> 3, >= 3.201.0)
      aws-sigv4 (~> 1.1)
    aws-sdk-oam (1.20.0)
      aws-sdk-core (~> 3, >= 3.201.0)
      aws-sigv4 (~> 1.1)
    aws-sdk-omics (1.31.0)
      aws-sdk-core (~> 3, >= 3.201.0)
      aws-sigv4 (~> 1.1)
    aws-sdk-opensearchserverless (1.21.0)
      aws-sdk-core (~> 3, >= 3.201.0)
      aws-sigv4 (~> 1.1)
    aws-sdk-opensearchservice (1.50.0)
      aws-sdk-core (~> 3, >= 3.201.0)
      aws-sigv4 (~> 1.5)
    aws-sdk-opsworks (1.61.0)
      aws-sdk-core (~> 3, >= 3.201.0)
      aws-sigv4 (~> 1.5)
    aws-sdk-opsworkscm (1.71.0)
      aws-sdk-core (~> 3, >= 3.201.0)
      aws-sigv4 (~> 1.5)
    aws-sdk-organizations (1.95.0)
      aws-sdk-core (~> 3, >= 3.201.0)
      aws-sigv4 (~> 1.5)
    aws-sdk-osis (1.20.0)
      aws-sdk-core (~> 3, >= 3.201.0)
      aws-sigv4 (~> 1.5)
    aws-sdk-outposts (1.63.0)
      aws-sdk-core (~> 3, >= 3.201.0)
      aws-sigv4 (~> 1.5)
    aws-sdk-panorama (1.29.0)
      aws-sdk-core (~> 3, >= 3.201.0)
      aws-sigv4 (~> 1.1)
    aws-sdk-paymentcryptography (1.19.0)
      aws-sdk-core (~> 3, >= 3.201.0)
      aws-sigv4 (~> 1.5)
    aws-sdk-paymentcryptographydata (1.18.0)
      aws-sdk-core (~> 3, >= 3.201.0)
      aws-sigv4 (~> 1.5)
    aws-sdk-pcaconnectorad (1.10.0)
      aws-sdk-core (~> 3, >= 3.201.0)
      aws-sigv4 (~> 1.1)
    aws-sdk-pcaconnectorscep (1.3.0)
      aws-sdk-core (~> 3, >= 3.201.0)
      aws-sigv4 (~> 1.1)
    aws-sdk-personalize (1.68.0)
      aws-sdk-core (~> 3, >= 3.201.0)
      aws-sigv4 (~> 1.5)
    aws-sdk-personalizeevents (1.49.0)
      aws-sdk-core (~> 3, >= 3.201.0)
      aws-sigv4 (~> 1.5)
    aws-sdk-personalizeruntime (1.56.0)
      aws-sdk-core (~> 3, >= 3.201.0)
      aws-sigv4 (~> 1.5)
    aws-sdk-pi (1.62.0)
      aws-sdk-core (~> 3, >= 3.201.0)
      aws-sigv4 (~> 1.5)
    aws-sdk-pinpoint (1.95.0)
      aws-sdk-core (~> 3, >= 3.201.0)
      aws-sigv4 (~> 1.5)
    aws-sdk-pinpointemail (1.54.0)
      aws-sdk-core (~> 3, >= 3.201.0)
      aws-sigv4 (~> 1.5)
    aws-sdk-pinpointsmsvoice (1.50.0)
      aws-sdk-core (~> 3, >= 3.201.0)
      aws-sigv4 (~> 1.1)
    aws-sdk-pinpointsmsvoicev2 (1.21.0)
      aws-sdk-core (~> 3, >= 3.201.0)
      aws-sigv4 (~> 1.5)
    aws-sdk-pipes (1.24.0)
      aws-sdk-core (~> 3, >= 3.201.0)
      aws-sigv4 (~> 1.1)
    aws-sdk-polly (1.90.0)
      aws-sdk-core (~> 3, >= 3.201.0)
      aws-sigv4 (~> 1.5)
    aws-sdk-pricing (1.62.0)
      aws-sdk-core (~> 3, >= 3.201.0)
      aws-sigv4 (~> 1.1)
    aws-sdk-privatenetworks (1.20.0)
      aws-sdk-core (~> 3, >= 3.201.0)
      aws-sigv4 (~> 1.1)
    aws-sdk-prometheusservice (1.36.0)
      aws-sdk-core (~> 3, >= 3.201.0)
      aws-sigv4 (~> 1.1)
    aws-sdk-proton (1.41.0)
      aws-sdk-core (~> 3, >= 3.201.0)
      aws-sigv4 (~> 1.1)
    aws-sdk-qapps (1.0.0)
      aws-sdk-core (~> 3, >= 3.201.0)
      aws-sigv4 (~> 1.5)
    aws-sdk-qbusiness (1.11.0)
      aws-sdk-core (~> 3, >= 3.201.0)
      aws-sigv4 (~> 1.5)
    aws-sdk-qconnect (1.14.0)
      aws-sdk-core (~> 3, >= 3.201.0)
      aws-sigv4 (~> 1.1)
    aws-sdk-qldb (1.45.0)
      aws-sdk-core (~> 3, >= 3.201.0)
      aws-sigv4 (~> 1.5)
    aws-sdk-qldbsession (1.41.0)
      aws-sdk-core (~> 3, >= 3.201.0)
      aws-sigv4 (~> 1.5)
    aws-sdk-quicksight (1.119.0)
      aws-sdk-core (~> 3, >= 3.201.0)
      aws-sigv4 (~> 1.5)
    aws-sdk-ram (1.60.0)
      aws-sdk-core (~> 3, >= 3.201.0)
      aws-sigv4 (~> 1.5)
    aws-sdk-rds (1.240.0)
      aws-sdk-core (~> 3, >= 3.201.0)
      aws-sigv4 (~> 1.5)
    aws-sdk-rdsdataservice (1.57.0)
      aws-sdk-core (~> 3, >= 3.201.0)
      aws-sigv4 (~> 1.1)
    aws-sdk-recyclebin (1.26.0)
      aws-sdk-core (~> 3, >= 3.201.0)
      aws-sigv4 (~> 1.5)
    aws-sdk-redshift (1.119.0)
      aws-sdk-core (~> 3, >= 3.201.0)
      aws-sigv4 (~> 1.5)
    aws-sdk-redshiftdataapiservice (1.41.0)
      aws-sdk-core (~> 3, >= 3.201.0)
      aws-sigv4 (~> 1.1)
    aws-sdk-redshiftserverless (1.33.0)
      aws-sdk-core (~> 3, >= 3.201.0)
      aws-sigv4 (~> 1.1)
    aws-sdk-rekognition (1.102.0)
      aws-sdk-core (~> 3, >= 3.201.0)
      aws-sigv4 (~> 1.5)
    aws-sdk-repostspace (1.8.0)
      aws-sdk-core (~> 3, >= 3.201.0)
      aws-sigv4 (~> 1.1)
    aws-sdk-resiliencehub (1.32.0)
      aws-sdk-core (~> 3, >= 3.201.0)
      aws-sigv4 (~> 1.1)
    aws-sdk-resourceexplorer2 (1.22.0)
      aws-sdk-core (~> 3, >= 3.201.0)
      aws-sigv4 (~> 1.1)
    aws-sdk-resourcegroups (1.66.0)
      aws-sdk-core (~> 3, >= 3.201.0)
      aws-sigv4 (~> 1.5)
    aws-sdk-resourcegroupstaggingapi (1.66.0)
      aws-sdk-core (~> 3, >= 3.201.0)
      aws-sigv4 (~> 1.5)
    aws-sdk-resources (3.199.0)
      aws-sdk-accessanalyzer (~> 1)
      aws-sdk-account (~> 1)
      aws-sdk-acm (~> 1)
      aws-sdk-acmpca (~> 1)
      aws-sdk-amplify (~> 1)
      aws-sdk-amplifybackend (~> 1)
      aws-sdk-amplifyuibuilder (~> 1)
      aws-sdk-apigateway (~> 1)
      aws-sdk-apigatewaymanagementapi (~> 1)
      aws-sdk-apigatewayv2 (~> 1)
      aws-sdk-appconfig (~> 1)
      aws-sdk-appconfigdata (~> 1)
      aws-sdk-appfabric (~> 1)
      aws-sdk-appflow (~> 1)
      aws-sdk-appintegrationsservice (~> 1)
      aws-sdk-applicationautoscaling (~> 1)
      aws-sdk-applicationcostprofiler (~> 1)
      aws-sdk-applicationdiscoveryservice (~> 1)
      aws-sdk-applicationinsights (~> 1)
      aws-sdk-applicationsignals (~> 1)
      aws-sdk-appmesh (~> 1)
      aws-sdk-appregistry (~> 1)
      aws-sdk-apprunner (~> 1)
      aws-sdk-appstream (~> 1)
      aws-sdk-appsync (~> 1)
      aws-sdk-apptest (~> 1)
      aws-sdk-arczonalshift (~> 1)
      aws-sdk-artifact (~> 1)
      aws-sdk-athena (~> 1)
      aws-sdk-auditmanager (~> 1)
      aws-sdk-augmentedairuntime (~> 1)
      aws-sdk-autoscaling (~> 1)
      aws-sdk-autoscalingplans (~> 1)
      aws-sdk-b2bi (~> 1)
      aws-sdk-backup (~> 1)
      aws-sdk-backupgateway (~> 1)
      aws-sdk-batch (~> 1)
      aws-sdk-bcmdataexports (~> 1)
      aws-sdk-bedrock (~> 1)
      aws-sdk-bedrockagent (~> 1)
      aws-sdk-bedrockagentruntime (~> 1)
      aws-sdk-bedrockruntime (~> 1)
      aws-sdk-billingconductor (~> 1)
      aws-sdk-braket (~> 1)
      aws-sdk-budgets (~> 1)
      aws-sdk-chatbot (~> 1)
      aws-sdk-chime (~> 1)
      aws-sdk-chimesdkidentity (~> 1)
      aws-sdk-chimesdkmediapipelines (~> 1)
      aws-sdk-chimesdkmeetings (~> 1)
      aws-sdk-chimesdkmessaging (~> 1)
      aws-sdk-chimesdkvoice (~> 1)
      aws-sdk-cleanrooms (~> 1)
      aws-sdk-cleanroomsml (~> 1)
      aws-sdk-cloud9 (~> 1)
      aws-sdk-cloudcontrolapi (~> 1)
      aws-sdk-clouddirectory (~> 1)
      aws-sdk-cloudformation (~> 1)
      aws-sdk-cloudfront (~> 1)
      aws-sdk-cloudfrontkeyvaluestore (~> 1)
      aws-sdk-cloudhsm (~> 1)
      aws-sdk-cloudhsmv2 (~> 1)
      aws-sdk-cloudsearch (~> 1)
      aws-sdk-cloudsearchdomain (~> 1)
      aws-sdk-cloudtrail (~> 1)
      aws-sdk-cloudtraildata (~> 1)
      aws-sdk-cloudwatch (~> 1)
      aws-sdk-cloudwatchevents (~> 1)
      aws-sdk-cloudwatchevidently (~> 1)
      aws-sdk-cloudwatchlogs (~> 1)
      aws-sdk-cloudwatchrum (~> 1)
      aws-sdk-codeartifact (~> 1)
      aws-sdk-codebuild (~> 1)
      aws-sdk-codecatalyst (~> 1)
      aws-sdk-codecommit (~> 1)
      aws-sdk-codeconnections (~> 1)
      aws-sdk-codedeploy (~> 1)
      aws-sdk-codeguruprofiler (~> 1)
      aws-sdk-codegurureviewer (~> 1)
      aws-sdk-codegurusecurity (~> 1)
      aws-sdk-codepipeline (~> 1)
      aws-sdk-codestar (~> 1)
      aws-sdk-codestarconnections (~> 1)
      aws-sdk-codestarnotifications (~> 1)
      aws-sdk-cognitoidentity (~> 1)
      aws-sdk-cognitoidentityprovider (~> 1)
      aws-sdk-cognitosync (~> 1)
      aws-sdk-comprehend (~> 1)
      aws-sdk-comprehendmedical (~> 1)
      aws-sdk-computeoptimizer (~> 1)
      aws-sdk-configservice (~> 1)
      aws-sdk-connect (~> 1)
      aws-sdk-connectcampaignservice (~> 1)
      aws-sdk-connectcases (~> 1)
      aws-sdk-connectcontactlens (~> 1)
      aws-sdk-connectparticipant (~> 1)
      aws-sdk-connectwisdomservice (~> 1)
      aws-sdk-controlcatalog (~> 1)
      aws-sdk-controltower (~> 1)
      aws-sdk-costandusagereportservice (~> 1)
      aws-sdk-costexplorer (~> 1)
      aws-sdk-costoptimizationhub (~> 1)
      aws-sdk-customerprofiles (~> 1)
      aws-sdk-databasemigrationservice (~> 1)
      aws-sdk-dataexchange (~> 1)
      aws-sdk-datapipeline (~> 1)
      aws-sdk-datasync (~> 1)
      aws-sdk-datazone (~> 1)
      aws-sdk-dax (~> 1)
      aws-sdk-deadline (~> 1)
      aws-sdk-detective (~> 1)
      aws-sdk-devicefarm (~> 1)
      aws-sdk-devopsguru (~> 1)
      aws-sdk-directconnect (~> 1)
      aws-sdk-directoryservice (~> 1)
      aws-sdk-dlm (~> 1)
      aws-sdk-docdb (~> 1)
      aws-sdk-docdbelastic (~> 1)
      aws-sdk-drs (~> 1)
      aws-sdk-dynamodb (~> 1)
      aws-sdk-dynamodbstreams (~> 1)
      aws-sdk-ebs (~> 1)
      aws-sdk-ec2 (~> 1)
      aws-sdk-ec2instanceconnect (~> 1)
      aws-sdk-ecr (~> 1)
      aws-sdk-ecrpublic (~> 1)
      aws-sdk-ecs (~> 1)
      aws-sdk-efs (~> 1)
      aws-sdk-eks (~> 1)
      aws-sdk-eksauth (~> 1)
      aws-sdk-elasticache (~> 1)
      aws-sdk-elasticbeanstalk (~> 1)
      aws-sdk-elasticinference (~> 1)
      aws-sdk-elasticloadbalancing (~> 1)
      aws-sdk-elasticloadbalancingv2 (~> 1)
      aws-sdk-elasticsearchservice (~> 1)
      aws-sdk-elastictranscoder (~> 1)
      aws-sdk-emr (~> 1)
      aws-sdk-emrcontainers (~> 1)
      aws-sdk-emrserverless (~> 1)
      aws-sdk-entityresolution (~> 1)
      aws-sdk-eventbridge (~> 1)
      aws-sdk-finspace (~> 1)
      aws-sdk-finspacedata (~> 1)
      aws-sdk-firehose (~> 1)
      aws-sdk-fis (~> 1)
      aws-sdk-fms (~> 1)
      aws-sdk-forecastqueryservice (~> 1)
      aws-sdk-forecastservice (~> 1)
      aws-sdk-frauddetector (~> 1)
      aws-sdk-freetier (~> 1)
      aws-sdk-fsx (~> 1)
      aws-sdk-gamelift (~> 1)
      aws-sdk-glacier (~> 1)
      aws-sdk-globalaccelerator (~> 1)
      aws-sdk-glue (~> 1)
      aws-sdk-gluedatabrew (~> 1)
      aws-sdk-greengrass (~> 1)
      aws-sdk-greengrassv2 (~> 1)
      aws-sdk-groundstation (~> 1)
      aws-sdk-guardduty (~> 1)
      aws-sdk-health (~> 1)
      aws-sdk-healthlake (~> 1)
      aws-sdk-iam (~> 1)
      aws-sdk-identitystore (~> 1)
      aws-sdk-imagebuilder (~> 1)
      aws-sdk-importexport (~> 1)
      aws-sdk-inspector (~> 1)
      aws-sdk-inspector2 (~> 1)
      aws-sdk-inspectorscan (~> 1)
      aws-sdk-internetmonitor (~> 1)
      aws-sdk-iot (~> 1)
      aws-sdk-iot1clickdevicesservice (~> 1)
      aws-sdk-iot1clickprojects (~> 1)
      aws-sdk-iotanalytics (~> 1)
      aws-sdk-iotdataplane (~> 1)
      aws-sdk-iotdeviceadvisor (~> 1)
      aws-sdk-iotevents (~> 1)
      aws-sdk-ioteventsdata (~> 1)
      aws-sdk-iotfleethub (~> 1)
      aws-sdk-iotfleetwise (~> 1)
      aws-sdk-iotjobsdataplane (~> 1)
      aws-sdk-iotsecuretunneling (~> 1)
      aws-sdk-iotsitewise (~> 1)
      aws-sdk-iotthingsgraph (~> 1)
      aws-sdk-iottwinmaker (~> 1)
      aws-sdk-iotwireless (~> 1)
      aws-sdk-ivs (~> 1)
      aws-sdk-ivschat (~> 1)
      aws-sdk-ivsrealtime (~> 1)
      aws-sdk-kafka (~> 1)
      aws-sdk-kafkaconnect (~> 1)
      aws-sdk-kendra (~> 1)
      aws-sdk-kendraranking (~> 1)
      aws-sdk-keyspaces (~> 1)
      aws-sdk-kinesis (~> 1)
      aws-sdk-kinesisanalytics (~> 1)
      aws-sdk-kinesisanalyticsv2 (~> 1)
      aws-sdk-kinesisvideo (~> 1)
      aws-sdk-kinesisvideoarchivedmedia (~> 1)
      aws-sdk-kinesisvideomedia (~> 1)
      aws-sdk-kinesisvideosignalingchannels (~> 1)
      aws-sdk-kinesisvideowebrtcstorage (~> 1)
      aws-sdk-kms (~> 1)
      aws-sdk-lakeformation (~> 1)
      aws-sdk-lambda (~> 1)
      aws-sdk-lambdapreview (~> 1)
      aws-sdk-launchwizard (~> 1)
      aws-sdk-lex (~> 1)
      aws-sdk-lexmodelbuildingservice (~> 1)
      aws-sdk-lexmodelsv2 (~> 1)
      aws-sdk-lexruntimev2 (~> 1)
      aws-sdk-licensemanager (~> 1)
      aws-sdk-licensemanagerlinuxsubscriptions (~> 1)
      aws-sdk-licensemanagerusersubscriptions (~> 1)
      aws-sdk-lightsail (~> 1)
      aws-sdk-locationservice (~> 1)
      aws-sdk-lookoutequipment (~> 1)
      aws-sdk-lookoutforvision (~> 1)
      aws-sdk-lookoutmetrics (~> 1)
      aws-sdk-machinelearning (~> 1)
      aws-sdk-macie2 (~> 1)
      aws-sdk-mailmanager (~> 1)
      aws-sdk-mainframemodernization (~> 1)
      aws-sdk-managedblockchain (~> 1)
      aws-sdk-managedblockchainquery (~> 1)
      aws-sdk-managedgrafana (~> 1)
      aws-sdk-marketplaceagreement (~> 1)
      aws-sdk-marketplacecatalog (~> 1)
      aws-sdk-marketplacecommerceanalytics (~> 1)
      aws-sdk-marketplacedeployment (~> 1)
      aws-sdk-marketplaceentitlementservice (~> 1)
      aws-sdk-marketplacemetering (~> 1)
      aws-sdk-mediaconnect (~> 1)
      aws-sdk-mediaconvert (~> 1)
      aws-sdk-medialive (~> 1)
      aws-sdk-mediapackage (~> 1)
      aws-sdk-mediapackagev2 (~> 1)
      aws-sdk-mediapackagevod (~> 1)
      aws-sdk-mediastore (~> 1)
      aws-sdk-mediastoredata (~> 1)
      aws-sdk-mediatailor (~> 1)
      aws-sdk-medicalimaging (~> 1)
      aws-sdk-memorydb (~> 1)
      aws-sdk-mgn (~> 1)
      aws-sdk-migrationhub (~> 1)
      aws-sdk-migrationhubconfig (~> 1)
      aws-sdk-migrationhuborchestrator (~> 1)
      aws-sdk-migrationhubrefactorspaces (~> 1)
      aws-sdk-migrationhubstrategyrecommendations (~> 1)
      aws-sdk-mq (~> 1)
      aws-sdk-mturk (~> 1)
      aws-sdk-mwaa (~> 1)
      aws-sdk-neptune (~> 1)
      aws-sdk-neptunedata (~> 1)
      aws-sdk-neptunegraph (~> 1)
      aws-sdk-networkfirewall (~> 1)
      aws-sdk-networkmanager (~> 1)
      aws-sdk-networkmonitor (~> 1)
      aws-sdk-nimblestudio (~> 1)
      aws-sdk-oam (~> 1)
      aws-sdk-omics (~> 1)
      aws-sdk-opensearchserverless (~> 1)
      aws-sdk-opensearchservice (~> 1)
      aws-sdk-opsworks (~> 1)
      aws-sdk-opsworkscm (~> 1)
      aws-sdk-organizations (~> 1)
      aws-sdk-osis (~> 1)
      aws-sdk-outposts (~> 1)
      aws-sdk-panorama (~> 1)
      aws-sdk-paymentcryptography (~> 1)
      aws-sdk-paymentcryptographydata (~> 1)
      aws-sdk-pcaconnectorad (~> 1)
      aws-sdk-pcaconnectorscep (~> 1)
      aws-sdk-personalize (~> 1)
      aws-sdk-personalizeevents (~> 1)
      aws-sdk-personalizeruntime (~> 1)
      aws-sdk-pi (~> 1)
      aws-sdk-pinpoint (~> 1)
      aws-sdk-pinpointemail (~> 1)
      aws-sdk-pinpointsmsvoice (~> 1)
      aws-sdk-pinpointsmsvoicev2 (~> 1)
      aws-sdk-pipes (~> 1)
      aws-sdk-polly (~> 1)
      aws-sdk-pricing (~> 1)
      aws-sdk-privatenetworks (~> 1)
      aws-sdk-prometheusservice (~> 1)
      aws-sdk-proton (~> 1)
      aws-sdk-qapps (~> 1)
      aws-sdk-qbusiness (~> 1)
      aws-sdk-qconnect (~> 1)
      aws-sdk-qldb (~> 1)
      aws-sdk-qldbsession (~> 1)
      aws-sdk-quicksight (~> 1)
      aws-sdk-ram (~> 1)
      aws-sdk-rds (~> 1)
      aws-sdk-rdsdataservice (~> 1)
      aws-sdk-recyclebin (~> 1)
      aws-sdk-redshift (~> 1)
      aws-sdk-redshiftdataapiservice (~> 1)
      aws-sdk-redshiftserverless (~> 1)
      aws-sdk-rekognition (~> 1)
      aws-sdk-repostspace (~> 1)
      aws-sdk-resiliencehub (~> 1)
      aws-sdk-resourceexplorer2 (~> 1)
      aws-sdk-resourcegroups (~> 1)
      aws-sdk-resourcegroupstaggingapi (~> 1)
      aws-sdk-robomaker (~> 1)
      aws-sdk-rolesanywhere (~> 1)
      aws-sdk-route53 (~> 1)
      aws-sdk-route53domains (~> 1)
      aws-sdk-route53profiles (~> 1)
      aws-sdk-route53recoverycluster (~> 1)
      aws-sdk-route53recoverycontrolconfig (~> 1)
      aws-sdk-route53recoveryreadiness (~> 1)
      aws-sdk-route53resolver (~> 1)
      aws-sdk-s3 (~> 1)
      aws-sdk-s3control (~> 1)
      aws-sdk-s3outposts (~> 1)
      aws-sdk-sagemaker (~> 1)
      aws-sdk-sagemakeredgemanager (~> 1)
      aws-sdk-sagemakerfeaturestoreruntime (~> 1)
      aws-sdk-sagemakergeospatial (~> 1)
      aws-sdk-sagemakermetrics (~> 1)
      aws-sdk-sagemakerruntime (~> 1)
      aws-sdk-savingsplans (~> 1)
      aws-sdk-scheduler (~> 1)
      aws-sdk-schemas (~> 1)
      aws-sdk-secretsmanager (~> 1)
      aws-sdk-securityhub (~> 1)
      aws-sdk-securitylake (~> 1)
      aws-sdk-serverlessapplicationrepository (~> 1)
      aws-sdk-servicecatalog (~> 1)
      aws-sdk-servicediscovery (~> 1)
      aws-sdk-servicequotas (~> 1)
      aws-sdk-ses (~> 1)
      aws-sdk-sesv2 (~> 1)
      aws-sdk-shield (~> 1)
      aws-sdk-signer (~> 1)
      aws-sdk-simpledb (~> 1)
      aws-sdk-simspaceweaver (~> 1)
      aws-sdk-sms (~> 1)
      aws-sdk-snowball (~> 1)
      aws-sdk-snowdevicemanagement (~> 1)
      aws-sdk-sns (~> 1)
      aws-sdk-sqs (~> 1)
      aws-sdk-ssm (~> 1)
      aws-sdk-ssmcontacts (~> 1)
      aws-sdk-ssmincidents (~> 1)
      aws-sdk-ssmsap (~> 1)
      aws-sdk-ssoadmin (~> 1)
      aws-sdk-states (~> 1)
      aws-sdk-storagegateway (~> 1)
      aws-sdk-supplychain (~> 1)
      aws-sdk-support (~> 1)
      aws-sdk-supportapp (~> 1)
      aws-sdk-swf (~> 1)
      aws-sdk-synthetics (~> 1)
      aws-sdk-taxsettings (~> 1)
      aws-sdk-textract (~> 1)
      aws-sdk-timestreaminfluxdb (~> 1)
      aws-sdk-timestreamquery (~> 1)
      aws-sdk-timestreamwrite (~> 1)
      aws-sdk-tnb (~> 1)
      aws-sdk-transcribeservice (~> 1)
      aws-sdk-transcribestreamingservice (~> 1)
      aws-sdk-transfer (~> 1)
      aws-sdk-translate (~> 1)
      aws-sdk-trustedadvisor (~> 1)
      aws-sdk-verifiedpermissions (~> 1)
      aws-sdk-voiceid (~> 1)
      aws-sdk-vpclattice (~> 1)
      aws-sdk-waf (~> 1)
      aws-sdk-wafregional (~> 1)
      aws-sdk-wafv2 (~> 1)
      aws-sdk-wellarchitected (~> 1)
      aws-sdk-workdocs (~> 1)
      aws-sdk-worklink (~> 1)
      aws-sdk-workmail (~> 1)
      aws-sdk-workmailmessageflow (~> 1)
      aws-sdk-workspaces (~> 1)
      aws-sdk-workspacesthinclient (~> 1)
      aws-sdk-workspacesweb (~> 1)
      aws-sdk-xray (~> 1)
    aws-sdk-robomaker (1.70.0)
      aws-sdk-core (~> 3, >= 3.201.0)
      aws-sigv4 (~> 1.5)
    aws-sdk-rolesanywhere (1.22.0)
      aws-sdk-core (~> 3, >= 3.201.0)
      aws-sigv4 (~> 1.1)
    aws-sdk-route53 (1.94.0)
      aws-sdk-core (~> 3, >= 3.201.0)
      aws-sigv4 (~> 1.5)
    aws-sdk-route53domains (1.63.0)
      aws-sdk-core (~> 3, >= 3.201.0)
      aws-sigv4 (~> 1.5)
    aws-sdk-route53profiles (1.7.0)
      aws-sdk-core (~> 3, >= 3.201.0)
      aws-sigv4 (~> 1.1)
    aws-sdk-route53recoverycluster (1.31.0)
      aws-sdk-core (~> 3, >= 3.201.0)
      aws-sigv4 (~> 1.5)
    aws-sdk-route53recoverycontrolconfig (1.30.0)
      aws-sdk-core (~> 3, >= 3.201.0)
      aws-sigv4 (~> 1.1)
    aws-sdk-route53recoveryreadiness (1.28.0)
      aws-sdk-core (~> 3, >= 3.201.0)
      aws-sigv4 (~> 1.1)
    aws-sdk-route53resolver (1.64.0)
      aws-sdk-core (~> 3, >= 3.201.0)
      aws-sigv4 (~> 1.5)
    aws-sdk-s3 (1.156.0)
      aws-sdk-core (~> 3, >= 3.201.0)
      aws-sdk-kms (~> 1)
      aws-sigv4 (~> 1.5)
    aws-sdk-s3control (1.87.0)
      aws-sdk-core (~> 3, >= 3.201.0)
      aws-sigv4 (~> 1.5)
    aws-sdk-s3outposts (1.35.0)
      aws-sdk-core (~> 3, >= 3.201.0)
      aws-sigv4 (~> 1.5)
    aws-sdk-sagemaker (1.254.0)
      aws-sdk-core (~> 3, >= 3.201.0)
      aws-sigv4 (~> 1.5)
    aws-sdk-sagemakeredgemanager (1.31.0)
      aws-sdk-core (~> 3, >= 3.201.0)
      aws-sigv4 (~> 1.5)
    aws-sdk-sagemakerfeaturestoreruntime (1.36.0)
      aws-sdk-core (~> 3, >= 3.201.0)
      aws-sigv4 (~> 1.5)
    aws-sdk-sagemakergeospatial (1.19.0)
      aws-sdk-core (~> 3, >= 3.201.0)
      aws-sigv4 (~> 1.1)
    aws-sdk-sagemakermetrics (1.19.0)
      aws-sdk-core (~> 3, >= 3.201.0)
      aws-sigv4 (~> 1.5)
    aws-sdk-sagemakerruntime (1.68.0)
      aws-sdk-core (~> 3, >= 3.201.0)
      aws-sigv4 (~> 1.5)
    aws-sdk-savingsplans (1.46.0)
      aws-sdk-core (~> 3, >= 3.201.0)
      aws-sigv4 (~> 1.5)
    aws-sdk-scheduler (1.19.0)
      aws-sdk-core (~> 3, >= 3.201.0)
      aws-sigv4 (~> 1.1)
    aws-sdk-schemas (1.41.0)
      aws-sdk-core (~> 3, >= 3.201.0)
      aws-sigv4 (~> 1.1)
    aws-sdk-secretsmanager (1.102.0)
      aws-sdk-core (~> 3, >= 3.201.0)
      aws-sigv4 (~> 1.5)
    aws-sdk-securityhub (1.113.0)
      aws-sdk-core (~> 3, >= 3.201.0)
      aws-sigv4 (~> 1.5)
    aws-sdk-securitylake (1.24.0)
      aws-sdk-core (~> 3, >= 3.201.0)
      aws-sigv4 (~> 1.5)
    aws-sdk-serverlessapplicationrepository (1.62.0)
      aws-sdk-core (~> 3, >= 3.201.0)
      aws-sigv4 (~> 1.1)
    aws-sdk-servicecatalog (1.99.0)
      aws-sdk-core (~> 3, >= 3.201.0)
      aws-sigv4 (~> 1.5)
    aws-sdk-servicediscovery (1.69.0)
      aws-sdk-core (~> 3, >= 3.201.0)
      aws-sigv4 (~> 1.5)
    aws-sdk-servicequotas (1.42.0)
      aws-sdk-core (~> 3, >= 3.201.0)
      aws-sigv4 (~> 1.5)
    aws-sdk-ses (1.68.0)
      aws-sdk-core (~> 3, >= 3.201.0)
      aws-sigv4 (~> 1.5)
    aws-sdk-sesv2 (1.55.0)
      aws-sdk-core (~> 3, >= 3.201.0)
      aws-sigv4 (~> 1.5)
    aws-sdk-shield (1.68.0)
      aws-sdk-core (~> 3, >= 3.201.0)
      aws-sigv4 (~> 1.5)
    aws-sdk-signer (1.59.0)
      aws-sdk-core (~> 3, >= 3.201.0)
      aws-sigv4 (~> 1.5)
    aws-sdk-simpledb (1.51.0)
      aws-sdk-core (~> 3, >= 3.201.0)
      aws-sigv2 (~> 1.0)
    aws-sdk-simspaceweaver (1.20.0)
      aws-sdk-core (~> 3, >= 3.201.0)
      aws-sigv4 (~> 1.1)
    aws-sdk-sms (1.59.0)
      aws-sdk-core (~> 3, >= 3.201.0)
      aws-sigv4 (~> 1.1)
    aws-sdk-snowball (1.73.0)
      aws-sdk-core (~> 3, >= 3.201.0)
      aws-sigv4 (~> 1.5)
    aws-sdk-snowdevicemanagement (1.25.0)
      aws-sdk-core (~> 3, >= 3.201.0)
      aws-sigv4 (~> 1.1)
    aws-sdk-sns (1.82.0)
      aws-sdk-core (~> 3, >= 3.201.0)
      aws-sigv4 (~> 1.5)
    aws-sdk-sqs (1.80.0)
      aws-sdk-core (~> 3, >= 3.201.0)
      aws-sigv4 (~> 1.5)
    aws-sdk-ssm (1.173.0)
      aws-sdk-core (~> 3, >= 3.201.0)
      aws-sigv4 (~> 1.5)
    aws-sdk-ssmcontacts (1.34.0)
      aws-sdk-core (~> 3, >= 3.201.0)
      aws-sigv4 (~> 1.5)
    aws-sdk-ssmincidents (1.39.0)
      aws-sdk-core (~> 3, >= 3.201.0)
      aws-sigv4 (~> 1.1)
    aws-sdk-ssmsap (1.23.0)
      aws-sdk-core (~> 3, >= 3.201.0)
      aws-sigv4 (~> 1.1)
    aws-sdk-ssoadmin (1.41.0)
      aws-sdk-core (~> 3, >= 3.201.0)
      aws-sigv4 (~> 1.1)
    aws-sdk-states (1.73.0)
      aws-sdk-core (~> 3, >= 3.201.0)
      aws-sigv4 (~> 1.5)
    aws-sdk-storagegateway (1.91.0)
      aws-sdk-core (~> 3, >= 3.201.0)
      aws-sigv4 (~> 1.5)
    aws-sdk-supplychain (1.8.0)
      aws-sdk-core (~> 3, >= 3.201.0)
      aws-sigv4 (~> 1.1)
    aws-sdk-support (1.63.0)
      aws-sdk-core (~> 3, >= 3.201.0)
      aws-sigv4 (~> 1.5)
    aws-sdk-supportapp (1.20.0)
      aws-sdk-core (~> 3, >= 3.201.0)
      aws-sigv4 (~> 1.1)
    aws-sdk-swf (1.59.0)
      aws-sdk-core (~> 3, >= 3.201.0)
      aws-sigv4 (~> 1.5)
    aws-sdk-synthetics (1.47.0)
      aws-sdk-core (~> 3, >= 3.201.0)
      aws-sigv4 (~> 1.5)
    aws-sdk-taxsettings (1.5.0)
      aws-sdk-core (~> 3, >= 3.201.0)
      aws-sigv4 (~> 1.5)
    aws-sdk-textract (1.63.0)
      aws-sdk-core (~> 3, >= 3.201.0)
      aws-sigv4 (~> 1.5)
    aws-sdk-timestreaminfluxdb (1.6.0)
      aws-sdk-core (~> 3, >= 3.201.0)
      aws-sigv4 (~> 1.1)
    aws-sdk-timestreamquery (1.38.0)
      aws-sdk-core (~> 3, >= 3.201.0)
      aws-sigv4 (~> 1.5)
    aws-sdk-timestreamwrite (1.34.0)
      aws-sdk-core (~> 3, >= 3.201.0)
      aws-sigv4 (~> 1.1)
    aws-sdk-tnb (1.17.0)
      aws-sdk-core (~> 3, >= 3.201.0)
      aws-sigv4 (~> 1.1)
    aws-sdk-transcribeservice (1.103.0)
      aws-sdk-core (~> 3, >= 3.201.0)
      aws-sigv4 (~> 1.5)
    aws-sdk-transcribestreamingservice (1.64.0)
      aws-sdk-core (~> 3, >= 3.201.0)
      aws-sigv4 (~> 1.5)
    aws-sdk-transfer (1.98.0)
      aws-sdk-core (~> 3, >= 3.201.0)
      aws-sigv4 (~> 1.1)
    aws-sdk-translate (1.70.0)
      aws-sdk-core (~> 3, >= 3.201.0)
      aws-sigv4 (~> 1.5)
    aws-sdk-trustedadvisor (1.10.0)
      aws-sdk-core (~> 3, >= 3.201.0)
      aws-sigv4 (~> 1.1)
    aws-sdk-verifiedpermissions (1.28.0)
      aws-sdk-core (~> 3, >= 3.201.0)
      aws-sigv4 (~> 1.1)
    aws-sdk-voiceid (1.29.0)
      aws-sdk-core (~> 3, >= 3.201.0)
      aws-sigv4 (~> 1.1)
    aws-sdk-vpclattice (1.17.0)
      aws-sdk-core (~> 3, >= 3.201.0)
      aws-sigv4 (~> 1.1)
    aws-sdk-waf (1.66.0)
      aws-sdk-core (~> 3, >= 3.201.0)
      aws-sigv4 (~> 1.5)
    aws-sdk-wafregional (1.67.0)
      aws-sdk-core (~> 3, >= 3.201.0)
      aws-sigv4 (~> 1.5)
    aws-sdk-wafv2 (1.88.0)
      aws-sdk-core (~> 3, >= 3.201.0)
      aws-sigv4 (~> 1.5)
    aws-sdk-wellarchitected (1.41.0)
      aws-sdk-core (~> 3, >= 3.201.0)
      aws-sigv4 (~> 1.5)
    aws-sdk-workdocs (1.62.0)
      aws-sdk-core (~> 3, >= 3.201.0)
      aws-sigv4 (~> 1.5)
    aws-sdk-worklink (1.52.0)
      aws-sdk-core (~> 3, >= 3.201.0)
      aws-sigv4 (~> 1.5)
    aws-sdk-workmail (1.70.0)
      aws-sdk-core (~> 3, >= 3.201.0)
      aws-sigv4 (~> 1.5)
    aws-sdk-workmailmessageflow (1.40.0)
      aws-sdk-core (~> 3, >= 3.201.0)
      aws-sigv4 (~> 1.5)
    aws-sdk-workspaces (1.110.0)
      aws-sdk-core (~> 3, >= 3.201.0)
      aws-sigv4 (~> 1.5)
    aws-sdk-workspacesthinclient (1.11.0)
      aws-sdk-core (~> 3, >= 3.201.0)
      aws-sigv4 (~> 1.5)
    aws-sdk-workspacesweb (1.26.0)
      aws-sdk-core (~> 3, >= 3.201.0)
      aws-sigv4 (~> 1.1)
    aws-sdk-xray (1.70.0)
      aws-sdk-core (~> 3, >= 3.201.0)
      aws-sigv4 (~> 1.5)
    aws-sigv2 (1.2.0)
    aws-sigv4 (1.9.0)
      aws-eventstream (~> 1, >= 1.0.2)
    aws_config (0.1.1)
    awsecrets (1.15.1)
      aws-sdk (>= 2, < 4)
      aws_config (~> 0.1.0)
    awspec (1.30.0)
      addressable
      aws-sdk (~> 3)
      awsecrets (~> 1)
      dry-inflector
      ipaddress
      rspec (~> 3.0)
      rspec-its
      term-ansicolor
      thor
    base64 (0.2.0)
    bigdecimal (3.1.8)
    colored2 (3.1.2)
    concurrent-ruby (1.3.3)
    confidante (0.28.0)
      activesupport (>= 4)
      hiera (~> 3.3)
      shikashi (~> 0.6)
      vault (~> 0.17)
    connection_pool (2.4.1)
    diff-lcs (1.5.1)
    down (5.4.1)
      addressable (~> 2.8)
    drb (2.2.1)
    dry-inflector (1.1.0)
    evalhook (0.6.0)
      partialruby (~> 0.3)
      sexp_processor (~> 4.0)
    excon (0.104.0)
    faraday (2.7.11)
      base64
      faraday-net_http (>= 2.0, < 3.1)
      ruby2_keywords (>= 0.0.4)
    faraday-net_http (3.0.2)
    getsource (0.2.2)
    git (1.19.1)
      addressable (~> 2.8)
      rchardet (~> 1.8)
    hamster (3.0.0)
      concurrent-ruby (~> 1.0)
    hiera (3.12.0)
    i18n (1.14.5)
      concurrent-ruby (~> 1.0)
    immutable-struct (2.4.1)
    ipaddress (0.8.3)
    jmespath (1.6.2)
    json (2.9.0)
    language_server-protocol (3.17.0.3)
    lino (3.1.0)
      hamster (~> 3.0)
      open4 (~> 1.3)
    minitar (0.9)
    minitest (5.24.1)
    mize (0.6.0)
    mutex_m (0.2.0)
    nokogiri (1.17.1-arm64-darwin)
      racc (~> 1.4)
    nokogiri (1.17.1-x86_64-darwin)
      racc (~> 1.4)
    nokogiri (1.17.1-x86_64-linux)
      racc (~> 1.4)
    octokit (8.0.0)
      faraday (>= 1, < 3)
      sawyer (~> 0.9)
    open4 (1.3.4)
    parallel (1.26.3)
    parser (3.3.6.0)
      ast (~> 2.4.1)
      racc
    partialruby (0.3.0)
      ruby2ruby (~> 2)
      ruby_parser (~> 3)
    public_suffix (6.0.1)
    racc (1.8.1)
    rainbow (3.1.1)
    rake (13.2.1)
    rake_circle_ci (0.11.0)
      colored2 (~> 3.1)
      excon (~> 0.72)
      rake_factory (~> 0.23)
      sshkey (~> 2.0)
    rake_dependencies (3.5.0)
      down (~> 5.3)
      hamster (~> 3.0)
      minitar (~> 0.9)
      rake_factory (~> 0.23)
      rubyzip (>= 1.3)
    rake_factory (0.32.0.pre.2)
      activesupport (>= 4)
      rake (~> 13.0)
    rake_git (0.1.0.pre.10)
      colored2 (~> 3.1)
      git (~> 1.13, >= 1.13.2)
      rake_factory (= 0.32.0.pre.2)
    rake_git_crypt (0.1.0.pre.29)
      colored2 (~> 3.1)
      rake_factory (= 0.32.0.pre.2)
      ruby_git_crypt (= 0.1.0.pre.4)
      ruby_gpg2 (~> 0.6)
    rake_github (0.13.0)
      colored2 (~> 3.1)
      octokit (>= 4.16, < 9.0)
      rake_factory (~> 0.23)
      sshkey (~> 2.0)
    rake_gpg (0.18.0)
      rake_factory (~> 0.23)
      ruby_gpg2 (~> 0.6)
    rake_ssh (0.10.0)
      colored2 (~> 3.1)
      rake_factory (~> 0.23)
      sshkey (~> 2.0)
    rake_terraform (1.23.0)
      colored2 (~> 3.1)
      rake_dependencies (~> 3.1)
      rake_factory (~> 0.23)
      ruby-terraform (~> 1.4)
    rchardet (1.8.0)
    regexp_parser (2.9.3)
    rspec (3.13.0)
      rspec-core (~> 3.13.0)
      rspec-expectations (~> 3.13.0)
      rspec-mocks (~> 3.13.0)
    rspec-core (3.13.0)
      rspec-support (~> 3.13.0)
    rspec-expectations (3.13.1)
      diff-lcs (>= 1.2.0, < 2.0)
      rspec-support (~> 3.13.0)
    rspec-its (1.3.0)
      rspec-core (>= 3.0.0)
      rspec-expectations (>= 3.0.0)
    rspec-mocks (3.13.1)
      diff-lcs (>= 1.2.0, < 2.0)
      rspec-support (~> 3.13.0)
    rspec-support (3.13.1)
    rspec-terraform (0.4.0)
      confidante (>= 0.27)
      rspec (>= 3.0)
      ruby-terraform (= 1.7.0.pre.18)
    rubocop (1.69.1)
      json (~> 2.3)
      language_server-protocol (>= 3.17.0)
      parallel (~> 1.10)
      parser (>= 3.3.0.2)
      rainbow (>= 2.2.2, < 4.0)
      regexp_parser (>= 2.9.3, < 3.0)
      rubocop-ast (>= 1.36.2, < 2.0)
      ruby-progressbar (~> 1.7)
      unicode-display_width (>= 2.4.0, < 4.0)
    rubocop-ast (1.36.2)
      parser (>= 3.3.1.0)
    rubocop-rake (0.6.0)
      rubocop (~> 1.0)
    rubocop-rspec (3.3.0)
      rubocop (~> 1.61)
    ruby-progressbar (1.13.0)
    ruby-terraform (1.7.0.pre.18)
      immutable-struct (~> 2.4)
      lino (~> 3.0)
    ruby2_keywords (0.0.5)
    ruby2ruby (2.5.0)
      ruby_parser (~> 3.1)
      sexp_processor (~> 4.6)
    ruby_git_crypt (0.1.0.pre.4)
      immutable-struct (~> 2.4)
      lino (~> 3.0)
    ruby_gpg2 (0.10.0)
      lino (~> 3.0)
    ruby_parser (3.20.3)
      sexp_processor (~> 4.16)
    rubyzip (2.3.2)
    sawyer (0.9.2)
      addressable (>= 2.3.5)
      faraday (>= 0.17.3, < 3)
    semantic (1.6.1)
    sexp_processor (4.17.0)
    shikashi (0.6.0)
      evalhook (>= 0.6.0)
      getsource (>= 0.1.0)
    sshkey (2.0.0)
    sync (0.5.0)
    term-ansicolor (1.10.4)
      mize (~> 0.5)
      tins (~> 1.0)
    thor (1.3.1)
    tins (1.33.0)
      bigdecimal
      sync
    tzinfo (2.0.6)
      concurrent-ruby (~> 1.0)
    unicode-display_width (3.1.2)
      unicode-emoji (~> 4.0, >= 4.0.4)
    unicode-emoji (4.0.4)
    vault (0.18.1)
      aws-sigv4

PLATFORMS
  arm64-darwin-21
  arm64-darwin-22
  arm64-darwin-23
  x86_64-darwin-19
  x86_64-darwin-20
  x86_64-linux

DEPENDENCIES
  awspec
  confidante
  git
  nokogiri
  rake
  rake_circle_ci
  rake_git
  rake_git_crypt
  rake_github
  rake_gpg
  rake_ssh
  rake_terraform
  rspec
  rspec-terraform
  rubocop
  rubocop-rake
  rubocop-rspec
  rubyzip
  semantic

BUNDLED WITH
   2.5.15
